GEM
  remote: https://rubygems.org/
  specs:
    active_shipping (0.12.5)
      active_utils (~> 2.2.0)
      activesupport (>= 2.3.5)
      builder
      i18n
      json (>= 1.5.1)
    active_utils (2.2.3)
      activesupport (>= 2.3.11)
      i18n
    activesupport (4.1.8)
      i18n (~> 0.6, >= 0.6.9)
      json (~> 1.7, >= 1.7.7)
      minitest (~> 5.1)
      thread_safe (~> 0.1)
      tzinfo (~> 1.1)
    akami (1.2.2)
      gyoku (>= 0.4.0)
      nokogiri
    builder (3.2.2)
    coderay (1.1.0)
    dotenv (1.0.2)
    gyoku (1.2.2)
      builder (>= 2.1.2)
    httpclient (2.5.3.3)
    httpi (2.3.0)
      rack
    i18n (0.6.11)
    json (1.8.1)
    macaddr (1.7.1)
      systemu (~> 2.6.2)
    method_source (0.8.2)
    mime-types (1.25.1)
    mini_portile2 (2.8.0)
    minitest (5.5.0)
    nokogiri (1.13.9)
      mini_portile2 (~> 2.8.0)
      racc (~> 1.4)
    nori (2.4.0)
    pry (0.10.1)
      coderay (~> 1.1.0)
      method_source (~> 0.8.1)
      slop (~> 3.4)
    racc (1.6.0)
    rack (1.5.2)
    savon (2.8.0)
      akami (~> 1.2)
      builder (>= 2.1.2)
      gyoku (~> 1.2)
      httpi (~> 2.3)
      nokogiri (>= 1.4.0)
      nori (~> 2.4)
      uuid (~> 2.3.7)
      wasabi (= 3.3.0)
    slop (3.6.0)
    systemu (2.6.4)
    thread_safe (0.3.4)
    tzinfo (1.2.2)
      thread_safe (~> 0.1)
    uuid (2.3.7)
      macaddr (~> 1.0)
    wasabi (3.3.0)
      httpi (~> 2.0)
      mime-types (< 2.0.0)
      nokogiri (>= 1.4.0)

PLATFORMS
  ruby

DEPENDENCIES
  active_shipping
  dotenv
  httpclient
  pry
  savon
